GEM
  remote: http://gems.rubyforge.org/
  specs:
    activemodel (3.1.3)
      activesupport (= 3.1.3)
      builder (~> 3.0.0)
      i18n (~> 0.6)
    activesupport (3.1.3)
      multi_json (~> 1.0)
    bson (1.4.0)
    bson_ext (1.4.0)
    builder (3.0.0)
    diff-lcs (1.1.3)
    haml (3.1.4)
    i18n (0.6.0)
    json (1.5.4)
    mime-types (1.17.2)
    mongo (1.4.0)
      bson (= 1.4.0)
    mongo_mapper (0.9.2)
      activemodel (~> 3.0)
      activesupport (~> 3.0)
      plucky (~> 0.3.8)
    multi_json (1.0.4)
    nokogiri (1.4.7)
    plucky (0.3.8)
      mongo (~> 1.3)
    rack (1.4.0)
    rack-protection (1.2.0)
      rack
    rake (0.9.2.2)
    rcov (0.9.11)
    rest-client (1.6.7)
      mime-types (>= 1.16)
    rspec (2.8.0)
      rspec-core (~> 2.8.0)
      rspec-expectations (~> 2.8.0)
      rspec-mocks (~> 2.8.0)
    rspec-core (2.8.0)
    rspec-expectations (2.8.0)
      diff-lcs (~> 1.1.2)
    rspec-mocks (2.8.0)
    shotgun (0.9)
      rack (>= 1.0)
    sinatra (1.3.2)
      rack (~> 1.3, >= 1.3.6)
      rack-protection (~> 1.2)
      tilt (~> 1.3, >= 1.3.3)
    tilt (1.3.3)

PLATFORMS
  ruby

DEPENDENCIES
  bson (= 1.4.0)
  bson_ext (= 1.4.0)
  haml
  json (~> 1.5.1)
  mongo_mapper (~> 0.9.2)
  nokogiri (~> 1.4.1)
  rake
  rcov
  rest-client (~> 1.6.1)
  rspec
  shotgun
  sinatra
